PATH
  remote: .
  specs:
    configurable (0.7.0)
      config_parser (= 0.5.1)
      lazydoc (~> 1.0)

GEM
  remote: http://rubygems.org/
  specs:
    config_parser (0.5.1)
      lazydoc (~> 1.0)
    lazydoc (1.0)

PLATFORMS
  ruby

DEPENDENCIES
  bundler (~> 1.0)
  config_parser (= 0.5.1)
  configurable!
  lazydoc (~> 1.0)
